GEM
  remote: https://rubygems.org/
  specs:
    builder (3.1.4)
    jwt (1.5.1)
    mini_portile (0.6.2)
    multi_json (1.9.2)
    nokogiri (1.6.6.2)
      mini_portile (~> 0.6.0)
    twilio-ruby (4.3.0)
      builder (>= 2.1.2)
      jwt (~> 1.0)
      multi_json (>= 1.3.0)

PLATFORMS
  ruby

DEPENDENCIES
  nokogiri (~> 1.6)
  twilio-ruby (~> 4.3.0)
